GEM
  specs:
    bson (1.8.2)
    json (1.7.6)
    mongo (1.8.2)
      bson (~> 1.8.2)

PLATFORMS
  ruby

DEPENDENCIES
  json
  mongo
